GEM
  remote: https://rubygems.org/
  specs:
    activesupport (6.0.0)
      concurrent-ruby (~> 1.0, >= 1.0.2)
      i18n (>= 0.7, < 2)
      minitest (~> 5.1)
      tzinfo (~> 1.1)
      zeitwerk (~> 2.1, >= 2.1.8)
    ast (2.4.0)
    backports (3.15.0)
    concurrent-ruby (1.1.5)
    connection_pool (2.2.2)
    dotenv (2.7.5)
    et-orbi (1.2.2)
      tzinfo
    faraday (0.17.0)
      multipart-post (>= 1.2, < 3)
    fugit (1.3.3)
      et-orbi (~> 1.1, >= 1.1.8)
      raabro (~> 1.1)
    i18n (1.7.0)
      concurrent-ruby (~> 1.0)
    jaro_winkler (1.5.3)
    minitest (5.13.0)
    multi_json (1.14.1)
    multipart-post (2.1.1)
    mustermann (1.0.3)
    parallel (1.18.0)
    parser (2.6.5.0)
      ast (~> 2.4.0)
    raabro (1.1.6)
    rack (2.0.7)
    rack-protection (2.0.7)
      rack
    rainbow (3.0.0)
    redis (4.1.3)
    redlock (1.0.1)
      redis (>= 3.0.0, < 5.0)
    rubocop (0.76.0)
      jaro_winkler (~> 1.5.1)
      parallel (~> 1.10)
      parser (>= 2.6)
      rainbow (>= 2.2.2, < 4.0)
      ruby-progressbar (~> 1.7)
      unicode-display_width (>= 1.4.0, < 1.7)
    ruby-progressbar (1.10.1)
    rufus-scheduler (3.6.0)
      fugit (~> 1.1, >= 1.1.6)
    sidekiq (5.2.7)
      connection_pool (~> 2.2, >= 2.2.2)
      rack (>= 1.5.0)
      rack-protection (>= 1.5.0)
      redis (>= 3.3.5, < 5)
    sidekiq-scheduler (3.0.0)
      redis (>= 3, < 5)
      rufus-scheduler (~> 3.2)
      sidekiq (>= 3)
      tilt (>= 1.4.0)
    sinatra (2.0.7)
      mustermann (~> 1.0)
      rack (~> 2.0)
      rack-protection (= 2.0.7)
      tilt (~> 2.0)
    sinatra-contrib (2.0.7)
      backports (>= 2.8.2)
      multi_json
      mustermann (~> 1.0)
      rack-protection (= 2.0.7)
      sinatra (= 2.0.7)
      tilt (~> 2.0)
    sinatra-reloader (1.0)
      sinatra-contrib
    thread_safe (0.3.6)
    tilt (2.0.10)
    tzinfo (1.2.5)
      thread_safe (~> 0.1)
    unicode-display_width (1.6.0)
    zeitwerk (2.2.0)

PLATFORMS
  ruby

DEPENDENCIES
  activesupport
  dotenv
  faraday
  redis
  redlock
  rubocop
  sidekiq
  sidekiq-scheduler
  sinatra
  sinatra-reloader

RUBY VERSION
   ruby 2.6.3p62

BUNDLED WITH
   2.0.1
